GEM
  remote: https://rubygems.org/
  specs:
    rmagick (2.16.0)
    sqlite3 (1.3.13)

PLATFORMS
  ruby

DEPENDENCIES
  rmagick
  sqlite3

BUNDLED WITH
   1.14.6
